GEM
  remote: http://rubygems.org/
  specs:
    net-sftp (2.1.2)
      net-ssh (>= 2.6.5)
    net-ssh (2.6.8)
    rake (10.1.1)

PLATFORMS
  ruby

DEPENDENCIES
  net-sftp (~> 2.1.2)
  net-ssh (~> 2.6.8)
  rake (~> 10.1.1)
